{
	"ElectricalStimulation":true,
	"ElectricalStimulationParameters":"Amplitude=2.5mA; Frequency=200Hz; Pulse width=160us; Duration=100ms",
	"ElectrodeManufacturer":"NUEHILL",
	"InstitutionName":"the Second Affiliated Hospital, Zhejiang University School of Medicine",
	"InstitutionalDepartmentName":"Department of Neurosurgery",
	"Manufacturer":"NUEHILL",
	"ManufacturersModelName":"BCM210A",
	"PowerLineFrequency":"n/a",
	"RecordingDuration":94,
	"RecordingType":"continuous",
	"SEEGChannelCount":2,
	"SamplingFrequency":200,
	"SoftwareFilters":"n/a",
	"SoftwareVersions":"Matlab R2024b",
	"TaskName":"seizure",
	"iEEGReference":"n/a"
}
